PATH
  remote: .
  specs:
    guest_list (0.1.0)

GEM
  remote: https://rubygems.org/
  specs:
    minitest (5.11.3)
    rake (10.5.0)

PLATFORMS
  ruby

DEPENDENCIES
  guest_list!
  minitest (~> 5.0)
  rake (~> 10.0)

BUNDLED WITH
   1.16.1
